GEM
  remote: https://rubygems.org/
  specs:
    addressable (2.8.7)
      public_suffix (>= 2.0.2, < 7.0)
    axe-core-api (4.9.1)
      dumb_delegator
      virtus
    axe-core-capybara (4.9.1)
      axe-core-api (= 4.9.1)
      dumb_delegator
    axe-core-rspec (4.9.1)
      axe-core-api (= 4.9.1)
      dumb_delegator
      virtus
    axiom-types (0.1.1)
      descendants_tracker (~> 0.0.4)
      ice_nine (~> 0.11.0)
      thread_safe (~> 0.3, >= 0.3.1)
    base64 (0.1.1)
    bigdecimal (3.1.9)
    capybara (3.40.0)
      addressable
      matrix
      mini_mime (>= 0.1.3)
      nokogiri (~> 1.11)
      rack (>= 1.6.0)
      rack-test (>= 0.6.3)
      regexp_parser (>= 1.5, < 3.0)
      xpath (~> 3.2)
    capybara-screenshot (1.0.26)
      capybara (>= 1.0, < 4)
      launchy
    childprocess (5.0.0)
    coercible (1.0.0)
      descendants_tracker (~> 0.0.1)
    colorator (1.1.0)
    concurrent-ruby (1.3.5)
    descendants_tracker (0.0.4)
      thread_safe (~> 0.3, >= 0.3.1)
    diff-lcs (1.5.1)
    dumb_delegator (1.0.0)
    em-websocket (0.5.3)
      eventmachine (>= 0.12.9)
      http_parser.rb (~> 0)
    eventmachine (1.2.7)
    faraday (2.7.11)
      base64
      faraday-net_http (>= 2.0, < 3.1)
      ruby2_keywords (>= 0.0.4)
    faraday-net_http (3.0.2)
    ffi (1.17.1)
    ffi (1.17.1-x86_64-linux-gnu)
    forwardable-extended (2.6.0)
    google-protobuf (4.30.0)
      bigdecimal
      rake (>= 13)
    google-protobuf (4.30.0-x86_64-linux)
      bigdecimal
      rake (>= 13)
    http_parser.rb (0.8.0)
    i18n (1.14.7)
      concurrent-ruby (~> 1.0)
    ice_nine (0.11.2)
    jekyll (4.3.4)
      addressable (~> 2.4)
      colorator (~> 1.0)
      em-websocket (~> 0.5)
      i18n (~> 1.0)
      jekyll-sass-converter (>= 2.0, < 4.0)
      jekyll-watch (~> 2.0)
      kramdown (~> 2.3, >= 2.3.1)
      kramdown-parser-gfm (~> 1.0)
      liquid (~> 4.0)
      mercenary (>= 0.3.6, < 0.5)
      pathutil (~> 0.9)
      rouge (>= 3.0, < 5.0)
      safe_yaml (~> 1.0)
      terminal-table (>= 1.8, < 4.0)
      webrick (~> 1.7)
    jekyll-feed (0.17.0)
      jekyll (>= 3.7, < 5.0)
    jekyll-github-metadata (1.11.1)
      octokit (~> 4.0)
    jekyll-redirect-from (0.16.0)
      jekyll (>= 3.3, < 5.0)
    jekyll-sass-converter (3.1.0)
      sass-embedded (~> 1.75)
    jekyll-seo-tag (2.8.0)
      jekyll (>= 3.8, < 5.0)
    jekyll-sitemap (1.4.0)
      jekyll (>= 3.7, < 5.0)
    jekyll-watch (2.2.1)
      listen (~> 3.0)
    kramdown (2.5.1)
      rexml (>= 3.3.9)
    kramdown-parser-gfm (1.1.0)
      kramdown (~> 2.0)
    launchy (3.0.1)
      addressable (~> 2.8)
      childprocess (~> 5.0)
    liquid (4.0.4)
    listen (3.9.0)
      rb-fsevent (~> 0.10, >= 0.10.3)
      rb-inotify (~> 0.9, >= 0.9.10)
    matrix (0.4.2)
    mercenary (0.4.0)
    mini_mime (1.1.5)
    mini_portile2 (2.8.9)
    nokogiri (1.18.9)
      mini_portile2 (~> 2.8.2)
      racc (~> 1.4)
    nokogiri (1.18.9-x86_64-linux-gnu)
      racc (~> 1.4)
    octokit (4.25.1)
      faraday (>= 1, < 3)
      sawyer (~> 0.9)
    pathutil (0.16.2)
      forwardable-extended (~> 2.6)
    public_suffix (6.0.1)
    racc (1.8.1)
    rack (2.2.12)
    rack-test (2.1.0)
      rack (>= 1.3)
    rackup (1.0.0)
      rack (< 3)
      webrick
    rake (13.2.1)
    rb-fsevent (0.11.2)
    rb-inotify (0.11.1)
      ffi (~> 1.0)
    regexp_parser (2.9.2)
    rexml (3.4.1)
    rouge (4.5.1)
    rspec (3.13.0)
      rspec-core (~> 3.13.0)
      rspec-expectations (~> 3.13.0)
      rspec-mocks (~> 3.13.0)
    rspec-core (3.13.0)
      rspec-support (~> 3.13.0)
    rspec-expectations (3.13.1)
      diff-lcs (>= 1.2.0, < 2.0)
      rspec-support (~> 3.13.0)
    rspec-mocks (3.13.1)
      diff-lcs (>= 1.2.0, < 2.0)
      rspec-support (~> 3.13.0)
    rspec-support (3.13.1)
    ruby2_keywords (0.0.5)
    rubyzip (2.3.2)
    safe_yaml (1.0.5)
    sass-embedded (1.85.1)
      google-protobuf (~> 4.29)
      rake (>= 13)
    sass-embedded (1.85.1-x86_64-linux-gnu)
      google-protobuf (~> 4.29)
    sawyer (0.9.2)
      addressable (>= 2.3.5)
      faraday (>= 0.17.3, < 3)
    selenium-webdriver (4.14.0)
      rexml (~> 3.2, >= 3.2.5)
      rubyzip (>= 1.2.2, < 3.0)
      websocket (~> 1.0)
    terminal-table (3.0.2)
      unicode-display_width (>= 1.1.1, < 3)
    thread_safe (0.3.6)
    unicode-display_width (2.6.0)
    virtus (2.0.0)
      axiom-types (~> 0.1)
      coercible (~> 1.0)
      descendants_tracker (~> 0.0, >= 0.0.3)
    webrick (1.9.1)
    websocket (1.2.10)
    xpath (3.2.0)
      nokogiri (~> 1.8)

PLATFORMS
  ruby
  x86_64-linux

DEPENDENCIES
  axe-core-capybara
  axe-core-rspec
  capybara
  capybara-screenshot
  jekyll (~> 4)
  jekyll-feed
  jekyll-github-metadata (~> 1.0)
  jekyll-redirect-from
  jekyll-seo-tag
  jekyll-sitemap
  kramdown
  kramdown-parser-gfm
  rack
  rackup
  rspec
  selenium-webdriver
  webrick

RUBY VERSION
   ruby 3.1.2p20

BUNDLED WITH
   2.1.4
